GEM
  remote: https://rubygems.org/
  specs:
    awesome_print (1.7.0)
    diff-lcs (1.2.5)
    faraday (0.9.2)
      multipart-post (>= 1.2, < 3)
    faraday_middleware (0.10.0)
      faraday (>= 0.7.4, < 0.10)
    find_a_port (1.0.1)
    json (1.8.3)
    multipart-post (2.0.0)
    pact (1.9.2)
      awesome_print (~> 1.1)
      json
      pact-mock_service (~> 0.8)
      pact-support (~> 0.5.7)
      rack-test (~> 0.6.2)
      randexp (~> 0.1.7)
      rspec (>= 2.14)
      term-ansicolor (~> 1.0)
      thor
      webrick
    pact-mock_service (0.9.0)
      find_a_port (~> 1.0.1)
      json
      pact-support (~> 0.5.8)
      rack
      rack-test (~> 0.6.2)
      rspec (>= 2.14)
      term-ansicolor (~> 1.0)
      thor
      webrick
    pact-provider-proxy (2.1.0)
      pact (~> 1.0, >= 1.1.1)
      rack (>= 1.0.0)
      rack-proxy (~> 0.5)
    pact-provider-verifier (0.0.9)
      faraday (~> 0.9, >= 0.9.0)
      faraday_middleware (~> 0.10.0)
      pact (~> 1.9, >= 1.9.1)
      pact-provider-proxy (~> 2.1, >= 2.1.0)
      rake (~> 10.4, >= 10.4.2)
      rspec (~> 2.14)
    pact-support (0.5.8)
      awesome_print (~> 1.1)
      find_a_port (~> 1.0.1)
      json
      rack-test (~> 0.6.2)
      randexp (~> 0.1.7)
      rspec (>= 2.14)
      term-ansicolor (~> 1.0)
      thor
    rack (1.6.4)
    rack-proxy (0.6.0)
      rack
    rack-test (0.6.3)
      rack (>= 1.0)
    rake (10.5.0)
    randexp (0.1.7)
    rspec (2.99.0)
      rspec-core (~> 2.99.0)
      rspec-expectations (~> 2.99.0)
      rspec-mocks (~> 2.99.0)
    rspec-core (2.99.2)
    rspec-expectations (2.99.2)
      diff-lcs (>= 1.1.3, < 2.0)
    rspec-mocks (2.99.4)
    term-ansicolor (1.3.2)
      tins (~> 1.0)
    thor (0.19.1)
    tins (1.10.2)
    webrick (1.3.1)

PLATFORMS
  ruby

DEPENDENCIES
  pact-provider-verifier

BUNDLED WITH
   1.12.5
